GEM
  remote: https://rubygems.org/
  remote: https://rails-assets.org/
  specs:
    ffi (1.9.18)
    foundation-scss (6.3.1.0)
      sass_paths
    hobby (0.0.12)
      rack
    puma (3.9.1)
    rack (2.0.3)
    rails-assets-jquery (3.2.1)
    rails-assets-teacup (1.2.0)
    rb-fsevent (0.10.2)
    rb-inotify (0.9.10)
      ffi (>= 0.5.0, < 2)
    sass (3.5.1)
      sass-listen (~> 4.0.0)
    sass-listen (4.0.0)
      rb-fsevent (~> 0.9, >= 0.9.4)
      rb-inotify (~> 0.9, >= 0.9.7)
    sass_paths (2.0.0)
      sass (~> 3.2)
    slim (3.0.8)
      temple (>= 0.7.6, < 0.9)
      tilt (>= 1.3.3, < 2.1)
    temple (0.8.0)
    tilt (2.0.8)

PLATFORMS
  ruby

DEPENDENCIES
  foundation-scss!
  hobby!
  puma!
  rails-assets-jquery!
  rails-assets-teacup!
  sass!
  slim!

BUNDLED WITH
   1.15.3
