GEM
  remote: https://rubygems.org/
  specs:
    hobby (0.0.12)
      rack
    puma (3.9.1)
    rack (2.0.3)
    slim (3.0.8)
      temple (>= 0.7.6, < 0.9)
      tilt (>= 1.3.3, < 2.1)
    temple (0.8.0)
    tilt (2.0.8)

PLATFORMS
  ruby

DEPENDENCIES
  hobby
  puma
  slim

BUNDLED WITH
   1.15.3
